GIT
  remote: git@github.com:infinitered/rmq.git
  revision: eafd6d3602ac988aeb4e99e9f5336bc2b03966ba
  specs:
    ruby_motion_query (0.8.0)

PATH
  remote: .
  specs:
    rmq-slide-over-control (0.1)

GEM
  remote: https://rubygems.org/
  specs:
    rake (10.3.2)

PLATFORMS
  ruby

DEPENDENCIES
  rake
  rmq-slide-over-control!
  ruby_motion_query!
