GIT
  remote: git@github.com:infinitered/rmq.git
  revision: 2b30471c1f8d73f8e00c7c2681227225d2a658ea
  specs:
    ruby_motion_query (0.7.1)

PATH
  remote: .
  specs:
    rmq-slide-over-control (0.1)
      ruby_motion_query

GEM
  remote: https://rubygems.org/
  specs:
    rake (10.3.2)

PLATFORMS
  ruby

DEPENDENCIES
  rake
  rmq-slide-over-control!
  ruby_motion_query!
