PATH
  remote: .
  specs:
    rmq-slide-over-control (0.5.3)
      ruby_motion_query (>= 0.8.0)

GEM
  remote: https://rubygems.org/
  specs:
    rake (10.3.2)
    ruby_motion_query (0.8.0)

PLATFORMS
  ruby

DEPENDENCIES
  rake
  rmq-slide-over-control!
